PATH
  remote: .
  specs:
    activerecord-mysql-enum (2.4.2)
      activerecord (>= 5.2)
      mysql2 (>= 0.4.5)

GEM
  remote: https://rubygems.org/
  specs:
    actioncable (7.1.4.2)
      actionpack (= 7.1.4.2)
      activesupport (= 7.1.4.2)
      nio4r (~> 2.0)
      websocket-driver (>= 0.6.1)
      zeitwerk (~> 2.6)
    actionmailbox (7.1.4.2)
      actionpack (= 7.1.4.2)
      activejob (= 7.1.4.2)
      activerecord (= 7.1.4.2)
      activestorage (= 7.1.4.2)
      activesupport (= 7.1.4.2)
      mail (>= 2.7.1)
      net-imap
      net-pop
      net-smtp
    actionmailer (7.1.4.2)
      actionpack (= 7.1.4.2)
      actionview (= 7.1.4.2)
      activejob (= 7.1.4.2)
      activesupport (= 7.1.4.2)
      mail (~> 2.5, >= 2.5.4)
      net-imap
      net-pop
      net-smtp
      rails-dom-testing (~> 2.2)
    actionpack (7.1.4.2)
      actionview (= 7.1.4.2)
      activesupport (= 7.1.4.2)
      nokogiri (>= 1.8.5)
      racc
      rack (>= 2.2.4)
      rack-session (>= 1.0.1)
      rack-test (>= 0.6.3)
      rails-dom-testing (~> 2.2)
      rails-html-sanitizer (~> 1.6)
    actiontext (7.1.4.2)
      actionpack (= 7.1.4.2)
      activerecord (= 7.1.4.2)
      activestorage (= 7.1.4.2)
      activesupport (= 7.1.4.2)
      globalid (>= 0.6.0)
      nokogiri (>= 1.8.5)
    actionview (7.1.4.2)
      activesupport (= 7.1.4.2)
      builder (~> 3.1)
      erubi (~> 1.11)
      rails-dom-testing (~> 2.2)
      rails-html-sanitizer (~> 1.6)
    activejob (7.1.4.2)
      activesupport (= 7.1.4.2)
      globalid (>= 0.3.6)
    activemodel (7.1.4.2)
      activesupport (= 7.1.4.2)
    activerecord (7.1.4.2)
      activemodel (= 7.1.4.2)
      activesupport (= 7.1.4.2)
      timeout (>= 0.4.0)
    activestorage (7.1.4.2)
      actionpack (= 7.1.4.2)
      activejob (= 7.1.4.2)
      activerecord (= 7.1.4.2)
      activesupport (= 7.1.4.2)
      marcel (~> 1.0)
    activesupport (7.1.4.2)
      base64
      bigdecimal
      concurrent-ruby (~> 1.0, >= 1.0.2)
      connection_pool (>= 2.2.5)
      drb
      i18n (>= 1.6, < 2)
      minitest (>= 5.1)
      mutex_m
      tzinfo (~> 2.0)
    appraisal (2.5.0)
      bundler
      rake
      thor (>= 0.14.0)
    appraisal-matrix (0.3.0)
      appraisal (~> 2.2)
    base64 (0.2.0)
    bigdecimal (3.1.8)
    builder (3.3.0)
    byebug (11.1.3)
    coderay (1.1.3)
    concurrent-ruby (1.3.4)
    connection_pool (2.4.1)
    coveralls (0.8.23)
      json (>= 1.8, < 3)
      simplecov (~> 0.16.1)
      term-ansicolor (~> 1.3)
      thor (>= 0.19.4, < 2.0)
      tins (~> 1.6)
    crass (1.0.6)
    date (3.3.4)
    diff-lcs (1.5.1)
    docile (1.4.0)
    drb (2.2.1)
    erubi (1.13.0)
    globalid (1.2.1)
      activesupport (>= 6.1)
    i18n (1.14.6)
      concurrent-ruby (~> 1.0)
    io-console (0.7.2)
    irb (1.14.1)
      rdoc (>= 4.0.0)
      reline (>= 0.4.2)
    json (2.7.2)
    loofah (2.23.1)
      crass (~> 1.0.2)
      nokogiri (>= 1.12.0)
    mail (2.8.1)
      mini_mime (>= 0.1.1)
      net-imap
      net-pop
      net-smtp
    marcel (1.0.4)
    method_source (1.1.0)
    mini_mime (1.1.5)
    mini_portile2 (2.8.8)
    minitest (5.25.2)
    mutex_m (0.3.0)
    mysql2 (0.5.6)
    net-imap (0.4.17)
      date
      net-protocol
    net-pop (0.1.2)
      net-protocol
    net-protocol (0.2.2)
      timeout
    net-smtp (0.5.0)
      net-protocol
    nio4r (2.7.3)
    nokogiri (1.16.7)
      mini_portile2 (~> 2.8.2)
      racc (~> 1.4)
    pry (0.14.2)
      coderay (~> 1.1)
      method_source (~> 1.0)
    pry-byebug (3.10.1)
      byebug (~> 11.0)
      pry (>= 0.13, < 0.15)
    psych (5.2.0)
      stringio
    racc (1.8.1)
    rack (3.1.8)
    rack-session (2.0.0)
      rack (>= 3.0.0)
    rack-test (2.1.0)
      rack (>= 1.3)
    rackup (2.2.1)
      rack (>= 3)
    rails (7.1.4.2)
      actioncable (= 7.1.4.2)
      actionmailbox (= 7.1.4.2)
      actionmailer (= 7.1.4.2)
      actionpack (= 7.1.4.2)
      actiontext (= 7.1.4.2)
      actionview (= 7.1.4.2)
      activejob (= 7.1.4.2)
      activemodel (= 7.1.4.2)
      activerecord (= 7.1.4.2)
      activestorage (= 7.1.4.2)
      activesupport (= 7.1.4.2)
      bundler (>= 1.15.0)
      railties (= 7.1.4.2)
    rails-dom-testing (2.2.0)
      activesupport (>= 5.0.0)
      minitest
      nokogiri (>= 1.6)
    rails-html-sanitizer (1.6.0)
      loofah (~> 2.21)
      nokogiri (~> 1.14)
    railties (7.1.4.2)
      actionpack (= 7.1.4.2)
      activesupport (= 7.1.4.2)
      irb
      rackup (>= 1.0.0)
      rake (>= 12.2)
      thor (~> 1.0, >= 1.2.2)
      zeitwerk (~> 2.6)
    rake (13.2.1)
    rdoc (6.8.1)
      psych (>= 4.0.0)
    reline (0.5.11)
      io-console (~> 0.5)
    rspec (3.13.0)
      rspec-core (~> 3.13.0)
      rspec-expectations (~> 3.13.0)
      rspec-mocks (~> 3.13.0)
    rspec-core (3.13.2)
      rspec-support (~> 3.13.0)
    rspec-expectations (3.13.3)
      diff-lcs (>= 1.2.0, < 2.0)
      rspec-support (~> 3.13.0)
    rspec-mocks (3.13.2)
      diff-lcs (>= 1.2.0, < 2.0)
      rspec-support (~> 3.13.0)
    rspec-rails (7.1.0)
      actionpack (>= 7.0)
      activesupport (>= 7.0)
      railties (>= 7.0)
      rspec-core (~> 3.13)
      rspec-expectations (~> 3.13)
      rspec-mocks (~> 3.13)
      rspec-support (~> 3.13)
    rspec-support (3.13.1)
    simplecov (0.16.1)
      docile (~> 1.1)
      json (>= 1.8, < 3)
      simplecov-html (~> 0.10.0)
    simplecov-html (0.10.2)
    stringio (3.1.2)
    sync (0.5.0)
    term-ansicolor (1.8.0)
      tins (~> 1.0)
    thor (1.3.2)
    timeout (0.4.1)
    tins (1.33.0)
      bigdecimal
      sync
    tzinfo (2.0.6)
      concurrent-ruby (~> 1.0)
    websocket-driver (0.7.6)
      websocket-extensions (>= 0.1.0)
    websocket-extensions (0.1.5)
    zeitwerk (2.6.18)

PLATFORMS
  ruby

DEPENDENCIES
  activerecord-mysql-enum!
  appraisal
  appraisal-matrix
  coveralls
  pry
  pry-byebug
  rails
  rake
  rspec
  rspec-rails

BUNDLED WITH
   2.3.11
